GEM
  remote: https://rubygems.org/
  specs:
    addressable (2.8.0)
      public_suffix (>= 2.0.2, < 5.0)
    down (5.3.1)
      addressable (~> 2.8)
    memory_profiler (1.0.0)
    public_suffix (4.0.6)

PLATFORMS
  x86_64-darwin-21

DEPENDENCIES
  down (~> 5.0)
  memory_profiler

RUBY VERSION
   ruby 3.0.3p157

BUNDLED WITH
   2.2.32
