GEM
  remote: https://rubygems.org/
  specs:
    memory_profiler (1.0.0)

PLATFORMS
  x86_64-darwin-21

DEPENDENCIES
  memory_profiler

RUBY VERSION
   ruby 3.0.3p157

BUNDLED WITH
   2.2.32
